GEM
  remote: http://rubygems.org/
  specs:
    diff-lcs (1.1.2)
    gemcutter (0.7.1)
    gemspec_deps_gen (1.0.0)
    meta_methods (1.0.1)
    rspec (2.4.0)
      rspec-core (~> 2.4.0)
      rspec-expectations (~> 2.4.0)
      rspec-mocks (~> 2.4.0)
    rspec-core (2.4.0)
    rspec-expectations (2.4.0)
      diff-lcs (~> 1.1.2)
    rspec-mocks (2.4.0)
    zip_dsl (1.0.0)
      meta_methods

PLATFORMS
  ruby

DEPENDENCIES
  gemcutter
  gemspec_deps_gen
  rspec
  zip_dsl
