GEM
  remote: https://rubygems.org/
  specs:
    diff-lcs (1.2.5)
    file_utils (1.0.7)
    gemcutter (0.7.1)
    gemspec_deps_gen (1.1.2)
      bundler
      file_utils
    meta_methods (1.0.6)
    rspec (2.14.1)
      rspec-core (~> 2.14.0)
      rspec-expectations (~> 2.14.0)
      rspec-mocks (~> 2.14.0)
    rspec-core (2.14.7)
    rspec-expectations (2.14.4)
      diff-lcs (>= 1.1.3, < 2.0)
    rspec-mocks (2.14.4)
    zip (2.0.2)
    zip_dsl (1.4.1)
      file_utils
      meta_methods
      zip

PLATFORMS
  ruby

DEPENDENCIES
  file_utils
  gemcutter
  gemspec_deps_gen
  rspec
  zip_dsl
